GEM
  remote: https://rubygems.org/
  specs:
    bootstrap-sass (3.1.1.1)
      sass (~> 3.2)
    chunky_png (1.3.0)
    compass (0.12.6)
      chunky_png (~> 1.2)
      fssm (>= 0.2.7)
      sass (~> 3.2.19)
    font-awesome-sass (4.0.3.1)
      sass (~> 3.2)
    fssm (0.2.10)
    sass (3.2.19)

PLATFORMS
  ruby

DEPENDENCIES
  bootstrap-sass
  compass
  font-awesome-sass
